GEM
  remote: https://rubygems.org/
  specs:
    activemodel (3.2.12)
      activesupport (= 3.2.12)
      builder (~> 3.0.0)
    activerecord (3.2.12)
      activemodel (= 3.2.12)
      activesupport (= 3.2.12)
      arel (~> 3.0.2)
      tzinfo (~> 0.3.29)
    activesupport (3.2.12)
      i18n (~> 0.6)
      multi_json (~> 1.0)
    arel (3.0.3)
    backports (2.8.2)
    bson (1.8.2)
    bson_ext (1.8.2)
      bson (~> 1.8.2)
    builder (3.0.4)
    eventmachine (1.0.1)
    haml (3.1.7)
    hpricot (0.8.6)
    i18n (0.6.4)
    jsmin (1.0.1)
    json (1.7.7)
    mime-types (1.21)
    mongoid (3.1.2)
      activemodel (~> 3.2)
      moped (~> 1.4.2)
      origin (~> 1.0)
      tzinfo (~> 0.3.22)
    mongoid-cached-json (1.5.1)
      activesupport
      hpricot
      mongoid (>= 3.0.0)
    moped (1.4.3)
    multi_json (1.6.1)
    origin (1.0.11)
    pg (0.17.1)
    rack (1.5.2)
    rack-protection (1.3.2)
      rack
    rack-test (0.6.2)
      rack (>= 1.0)
    rake (10.0.3)
    rest-client (1.6.7)
      mime-types (>= 1.16)
    sinatra (1.3.4)
      rack (~> 1.4)
      rack-protection (~> 1.3)
      tilt (~> 1.3, >= 1.3.3)
    sinatra-activerecord (1.2.3)
      activerecord (>= 3.0)
      sinatra (~> 1.0)
    sinatra-assetpack (0.1.7)
      jsmin
      rack-test
      sinatra
      tilt (>= 1.3.0)
    sinatra-contrib (1.3.2)
      backports (>= 2.0)
      eventmachine
      rack-protection
      rack-test
      sinatra (~> 1.3.0)
      tilt (~> 1.3)
    tilt (1.3.3)
    tzinfo (0.3.36)

PLATFORMS
  ruby

DEPENDENCIES
  activerecord
  bson_ext
  haml
  json
  mongoid
  mongoid-cached-json
  pg
  rake
  rest-client
  sinatra
  sinatra-activerecord
  sinatra-assetpack
  sinatra-contrib
